PATH
  remote: .
  specs:
    exceltocsv (0.2.0)
      spreadsheet

GEM
  remote: https://rubygems.org/
  specs:
    rake (10.3.2)
    ruby-ole (1.2.11.7)
    spreadsheet (0.9.7)
      ruby-ole (>= 1.0)

PLATFORMS
  ruby
  x86-mingw32

DEPENDENCIES
  bundler (~> 1.3)
  exceltocsv!
  rake
